GEM
  remote: https://rubygems.org/
  specs:
    bootic_client (0.0.1)
      faraday (~> 0.9)
      faraday-http-cache (~> 0.4)
      faraday_middleware (~> 0.9)
      net-http-persistent (~> 2.9)
      oauth2
      uri_template (~> 0.7)
    dalli (2.6.4)
    faraday (0.9.0)
      multipart-post (>= 1.2, < 3)
    faraday-http-cache (0.4.0)
      faraday (~> 0.8)
    faraday_middleware (0.9.1)
      faraday (>= 0.7.4, < 0.10)
    jwt (1.0.0)
    multi_json (1.10.1)
    multi_xml (0.5.5)
    multipart-post (2.0.0)
    net-http-persistent (2.9.4)
    oauth2 (0.9.4)
      faraday (>= 0.8, < 0.10)
      jwt (~> 1.0)
      multi_json (~> 1.3)
      multi_xml (~> 0.5)
      rack (~> 1.2)
    puma (2.8.2)
      rack (>= 1.1, < 2.0)
    rack (1.5.2)
    rack-cache (1.2)
      rack (>= 0.4)
    rack-protection (1.5.3)
      rack
    sinatra (1.4.5)
      rack (~> 1.4)
      rack-protection (~> 1.4)
      tilt (~> 1.3, >= 1.3.4)
    tilt (1.4.1)
    uri_template (0.7.0)

PLATFORMS
  ruby

DEPENDENCIES
  bootic_client
  dalli
  puma
  rack-cache
  sinatra
