GEM
  remote: https://rubygems.org/
  specs:
    faraday (0.9.0)
      multipart-post (>= 1.2, < 3)
    hyperresource (0.2.4)
      faraday (>= 0.8.6)
      json
      uri_template (>= 0.5.2)
    json (1.8.1)
    multipart-post (2.0.0)
    puma (2.8.2)
      rack (>= 1.1, < 2.0)
    rack (1.5.2)
    rack-cache (1.2)
      rack (>= 0.4)
    rack-protection (1.5.3)
      rack
    sinatra (1.4.5)
      rack (~> 1.4)
      rack-protection (~> 1.4)
      tilt (~> 1.3, >= 1.3.4)
    tilt (1.4.1)
    uri_template (0.7.0)

PLATFORMS
  ruby

DEPENDENCIES
  hyperresource
  puma
  rack-cache
  sinatra
